GEM
  remote: https://rubygems.org/
  specs:
    activesupport (7.0.4.3)
      concurrent-ruby (~> 1.0, >= 1.0.2)
      i18n (>= 1.6, < 2)
      minitest (>= 5.1)
      tzinfo (~> 2.0)
    ansi (1.5.0)
    awesome_print (1.9.2)
    binding_of_caller (1.0.0)
      debug_inspector (>= 0.0.1)
    builder (3.2.4)
    coderay (1.1.3)
    concurrent-ruby (1.2.2)
    debug_inspector (1.1.0)
    i18n (1.12.0)
      concurrent-ruby (~> 1.0)
    interception (0.5)
    method_source (1.0.0)
    minitest (5.18.0)
    minitest-reporters (1.6.0)
      ansi
      builder
      minitest (>= 5.0)
      ruby-progressbar
    pry (0.14.2)
      coderay (~> 1.1)
      method_source (~> 1.0)
    pry-rescue (1.5.2)
      interception (>= 0.5)
      pry (>= 0.12.0)
    pry-stack_explorer (0.6.1)
      binding_of_caller (~> 1.0)
      pry (~> 0.13)
    ruby-progressbar (1.13.0)
    tapp (1.5.1)
      thor
    thor (1.2.1)
    tzinfo (2.0.6)
      concurrent-ruby (~> 1.0)

PLATFORMS
  x86_64-linux

DEPENDENCIES
  activesupport
  awesome_print
  minitest
  minitest-reporters
  pry
  pry-rescue
  pry-stack_explorer
  tapp

BUNDLED WITH
   2.4.6
